GIT
  remote: https://github.com/heartcombo/simple_form.git
  revision: c2c7faf3e532072e1ef511a97d677ae0e7c38957
  specs:
    simple_form (5.3.1)
      actionpack (>= 5.2)
      activemodel (>= 5.2)

GEM
  remote: https://rubygems.org/
  specs:
    actioncable (7.1.4)
      actionpack (= 7.1.4)
      activesupport (= 7.1.4)
      nio4r (~> 2.0)
      websocket-driver (>= 0.6.1)
      zeitwerk (~> 2.6)
    actionmailbox (7.1.4)
      actionpack (= 7.1.4)
      activejob (= 7.1.4)
      activerecord (= 7.1.4)
      activestorage (= 7.1.4)
      activesupport (= 7.1.4)
      mail (>= 2.7.1)
      net-imap
      net-pop
      net-smtp
    actionmailer (7.1.4)
      actionpack (= 7.1.4)
      actionview (= 7.1.4)
      activejob (= 7.1.4)
      activesupport (= 7.1.4)
      mail (~> 2.5, >= 2.5.4)
      net-imap
      net-pop
      net-smtp
      rails-dom-testing (~> 2.2)
    actionpack (7.1.4)
      actionview (= 7.1.4)
      activesupport (= 7.1.4)
      nokogiri (>= 1.8.5)
      racc
      rack (>= 2.2.4)
      rack-session (>= 1.0.1)
      rack-test (>= 0.6.3)
      rails-dom-testing (~> 2.2)
      rails-html-sanitizer (~> 1.6)
    actiontext (7.1.4)
      actionpack (= 7.1.4)
      activerecord (= 7.1.4)
      activestorage (= 7.1.4)
      activesupport (= 7.1.4)
      globalid (>= 0.6.0)
      nokogiri (>= 1.8.5)
    actionview (7.1.4)
      activesupport (= 7.1.4)
      builder (~> 3.1)
      erubi (~> 1.11)
      rails-dom-testing (~> 2.2)
      rails-html-sanitizer (~> 1.6)
    activejob (7.1.4)
      activesupport (= 7.1.4)
      globalid (>= 0.3.6)
    activemodel (7.1.4)
      activesupport (= 7.1.4)
    activerecord (7.1.4)
      activemodel (= 7.1.4)
      activesupport (= 7.1.4)
      timeout (>= 0.4.0)
    activestorage (7.1.4)
      actionpack (= 7.1.4)
      activejob (= 7.1.4)
      activerecord (= 7.1.4)
      activesupport (= 7.1.4)
      marcel (~> 1.0)
    activesupport (7.1.4)
      base64
      bigdecimal
      concurrent-ruby (~> 1.0, >= 1.0.2)
      connection_pool (>= 2.2.5)
      drb
      i18n (>= 1.6, < 2)
      minitest (>= 5.1)
      mutex_m
      tzinfo (~> 2.0)
    addressable (2.8.7)
      public_suffix (>= 2.0.2, < 7.0)
    assemblyai (1.1.0)
      async-http-faraday (>= 0.0, < 1.0)
      faraday (>= 1.10, < 3.0)
      faraday-net_http (>= 1.0, < 4.0)
      faraday-retry (>= 1.0, < 3.0)
    async (2.17.0)
      console (~> 1.26)
      fiber-annotation
      io-event (~> 1.6, >= 1.6.5)
    async-http (0.75.0)
      async (>= 2.10.2)
      async-pool (~> 0.7)
      io-endpoint (~> 0.11)
      io-stream (~> 0.4)
      protocol-http (~> 0.30)
      protocol-http1 (~> 0.20)
      protocol-http2 (~> 0.18)
      traces (>= 0.10)
    async-http-faraday (0.19.0)
      async-http (~> 0.42)
      faraday
    async-pool (0.8.1)
      async (>= 1.25)
      metrics
      traces
    autoprefixer-rails (10.4.19.0)
      execjs (~> 2)
    aws-eventstream (1.3.0)
    aws-partitions (1.971.0)
    aws-sdk-core (3.203.0)
      aws-eventstream (~> 1, >= 1.3.0)
      aws-partitions (~> 1, >= 1.651.0)
      aws-sigv4 (~> 1.9)
      jmespath (~> 1, >= 1.6.1)
    aws-sdk-kms (1.89.0)
      aws-sdk-core (~> 3, >= 3.203.0)
      aws-sigv4 (~> 1.5)
    aws-sdk-polly (1.92.0)
      aws-sdk-core (~> 3, >= 3.203.0)
      aws-sigv4 (~> 1.5)
    aws-sdk-s3 (1.160.0)
      aws-sdk-core (~> 3, >= 3.203.0)
      aws-sdk-kms (~> 1)
      aws-sigv4 (~> 1.5)
    aws-sigv4 (1.9.1)
      aws-eventstream (~> 1, >= 1.0.2)
    base64 (0.2.0)
    bcrypt (3.1.20)
    bigdecimal (3.1.8)
    bindex (0.8.1)
    bootsnap (1.18.4)
      msgpack (~> 1.2)
    bootstrap (5.3.3)
      autoprefixer-rails (>= 9.1.0)
      popper_js (>= 2.11.8, < 3)
    builder (3.3.0)
    capybara (3.40.0)
      addressable
      matrix
      mini_mime (>= 0.1.3)
      nokogiri (~> 1.11)
      rack (>= 1.6.0)
      rack-test (>= 0.6.3)
      regexp_parser (>= 1.5, < 3.0)
      xpath (~> 3.2)
    concurrent-ruby (1.3.4)
    connection_pool (2.4.1)
    console (1.27.0)
      fiber-annotation
      fiber-local (~> 1.1)
      json
    crass (1.0.6)
    csv (3.3.0)
    date (3.3.4)
    debug (1.9.2)
      irb (~> 1.10)
      reline (>= 0.3.8)
    devise (4.9.4)
      bcrypt (~> 3.0)
      orm_adapter (~> 0.1)
      railties (>= 4.1.0)
      responders
      warden (~> 1.2.3)
    domain_name (0.6.20240107)
    dotenv (3.1.2)
    dotenv-rails (3.1.2)
      dotenv (= 3.1.2)
      railties (>= 6.1)
    down (5.4.2)
      addressable (~> 2.8)
    drb (2.2.1)
    error_highlight (0.6.0)
    erubi (1.13.0)
    execjs (2.9.1)
    faraday (2.11.0)
      faraday-net_http (>= 2.0, < 3.4)
      logger
    faraday-net_http (3.3.0)
      net-http
    faraday-retry (2.2.1)
      faraday (~> 2.0)
    ffi (1.17.0-aarch64-linux-gnu)
    ffi (1.17.0-aarch64-linux-musl)
    ffi (1.17.0-arm-linux-gnu)
    ffi (1.17.0-arm-linux-musl)
    ffi (1.17.0-arm64-darwin)
    ffi (1.17.0-x86-linux-gnu)
    ffi (1.17.0-x86-linux-musl)
    ffi (1.17.0-x86_64-darwin)
    ffi (1.17.0-x86_64-linux-gnu)
    ffi (1.17.0-x86_64-linux-musl)
    fiber-annotation (0.2.0)
    fiber-local (1.1.0)
      fiber-storage
    fiber-storage (1.0.0)
    fileutils (1.7.2)
    font-awesome-sass (6.5.2)
      sassc (~> 2.0)
    globalid (1.2.1)
      activesupport (>= 6.1)
    hashie (5.0.0)
    htmlbeautifier (1.4.3)
    http-accept (1.7.0)
    http-cookie (1.0.7)
      domain_name (~> 0.5)
    httparty (0.22.0)
      csv
      mini_mime (>= 1.0.0)
      multi_xml (>= 0.5.2)
    i18n (1.14.5)
      concurrent-ruby (~> 1.0)
    importmap-rails (2.0.1)
      actionpack (>= 6.0.0)
      activesupport (>= 6.0.0)
      railties (>= 6.0.0)
    io-console (0.7.2)
    io-endpoint (0.13.1)
    io-event (1.6.5)
    io-stream (0.4.0)
    irb (1.14.0)
      rdoc (>= 4.0.0)
      reline (>= 0.4.2)
    jbuilder (2.12.0)
      actionview (>= 5.0.0)
      activesupport (>= 5.0.0)
    jmespath (1.6.2)
    json (2.7.2)
    jwt (2.8.2)
      base64
    logger (1.6.1)
    loofah (2.22.0)
      crass (~> 1.0.2)
      nokogiri (>= 1.12.0)
    mail (2.8.1)
      mini_mime (>= 0.1.1)
      net-imap
      net-pop
      net-smtp
    marcel (1.0.4)
    matrix (0.4.2)
    meta-tags (2.22.0)
      actionpack (>= 6.0.0, < 8.1)
    metrics (0.10.2)
    mime-types (3.5.2)
      mime-types-data (~> 3.2015)
    mime-types-data (3.2024.0903)
    mini_mime (1.1.5)
    minitest (5.25.1)
    msgpack (1.7.2)
    multi_json (1.15.0)
    multi_xml (0.7.1)
      bigdecimal (~> 3.1)
    mutex_m (0.2.0)
    net-http (0.4.1)
      uri
    net-imap (0.4.16)
      date
      net-protocol
    net-pop (0.1.2)
      net-protocol
    net-protocol (0.2.2)
      timeout
    net-smtp (0.5.0)
      net-protocol
    netrc (0.11.0)
    nio4r (2.7.3)
    nokogiri (1.16.7-aarch64-linux)
      racc (~> 1.4)
    nokogiri (1.16.7-arm-linux)
      racc (~> 1.4)
    nokogiri (1.16.7-arm64-darwin)
      racc (~> 1.4)
    nokogiri (1.16.7-x86-linux)
      racc (~> 1.4)
    nokogiri (1.16.7-x86_64-darwin)
      racc (~> 1.4)
    nokogiri (1.16.7-x86_64-linux)
      racc (~> 1.4)
    oauth2 (2.0.9)
      faraday (>= 0.17.3, < 3.0)
      jwt (>= 1.0, < 3.0)
      multi_xml (~> 0.5)
      rack (>= 1.2, < 4)
      snaky_hash (~> 2.0)
      version_gem (~> 1.1)
    observer (0.1.2)
    omniauth (2.1.2)
      hashie (>= 3.4.6)
      rack (>= 2.2.3)
      rack-protection
    omniauth-google-oauth2 (1.1.3)
      jwt (>= 2.0)
      oauth2 (~> 2.0)
      omniauth (~> 2.0)
      omniauth-oauth2 (~> 1.8)
    omniauth-oauth2 (1.8.0)
      oauth2 (>= 1.4, < 3)
      omniauth (~> 2.0)
    omniauth-rails_csrf_protection (1.0.2)
      actionpack (>= 4.2)
      omniauth (~> 2.0)
    open-uri (0.4.1)
      stringio
      time
      uri
    open3 (0.2.1)
    orm_adapter (0.5.0)
    pg (1.5.8)
    pkg-config (1.5.6)
    popper_js (2.11.8)
    protocol-hpack (1.5.0)
    protocol-http (0.33.0)
    protocol-http1 (0.22.0)
      protocol-http (~> 0.22)
    protocol-http2 (0.18.0)
      protocol-hpack (~> 1.4)
      protocol-http (~> 0.18)
    psych (5.1.2)
      stringio
    public_suffix (6.0.1)
    puma (6.4.2)
      nio4r (~> 2.0)
    racc (1.8.1)
    rack (3.1.7)
    rack-protection (4.0.0)
      base64 (>= 0.1.0)
      rack (>= 3.0.0, < 4)
    rack-session (2.0.0)
      rack (>= 3.0.0)
    rack-test (2.1.0)
      rack (>= 1.3)
    rackup (2.1.0)
      rack (>= 3)
      webrick (~> 1.8)
    rails (7.1.4)
      actioncable (= 7.1.4)
      actionmailbox (= 7.1.4)
      actionmailer (= 7.1.4)
      actionpack (= 7.1.4)
      actiontext (= 7.1.4)
      actionview (= 7.1.4)
      activejob (= 7.1.4)
      activemodel (= 7.1.4)
      activerecord (= 7.1.4)
      activestorage (= 7.1.4)
      activesupport (= 7.1.4)
      bundler (>= 1.15.0)
      railties (= 7.1.4)
    rails-dom-testing (2.2.0)
      activesupport (>= 5.0.0)
      minitest
      nokogiri (>= 1.6)
    rails-html-sanitizer (1.6.0)
      loofah (~> 2.21)
      nokogiri (~> 1.14)
    railties (7.1.4)
      actionpack (= 7.1.4)
      activesupport (= 7.1.4)
      irb
      rackup (>= 1.0.0)
      rake (>= 12.2)
      thor (~> 1.0, >= 1.2.2)
      zeitwerk (~> 2.6)
    rake (13.2.1)
    rdoc (6.7.0)
      psych (>= 4.0.0)
    redis (5.3.0)
      redis-client (>= 0.22.0)
    redis-client (0.22.2)
      connection_pool
    regexp_parser (2.9.2)
    reline (0.5.10)
      io-console (~> 0.5)
    responders (3.1.1)
      actionpack (>= 5.2)
      railties (>= 5.2)
    rest-client (2.1.0)
      http-accept (>= 1.7.0, < 2.0)
      http-cookie (>= 1.0.2, < 2.0)
      mime-types (>= 1.16, < 4.0)
      netrc (~> 0.8)
    rexml (3.3.7)
    rmagick (6.0.1)
      observer (~> 0.1)
      pkg-config (~> 1.4)
    rubyzip (2.3.2)
    sassc (2.4.0)
      ffi (~> 1.9)
    sassc-rails (2.1.2)
      railties (>= 4.0.0)
      sassc (>= 2.0)
      sprockets (> 3.0)
      sprockets-rails
      tilt
    selenium-webdriver (4.24.0)
      base64 (~> 0.2)
      logger (~> 1.4)
      rexml (~> 3.2, >= 3.2.5)
      rubyzip (>= 1.2.2, < 3.0)
      websocket (~> 1.0)
    sidekiq (7.3.2)
      concurrent-ruby (< 2)
      connection_pool (>= 2.3.0)
      logger
      rack (>= 2.2.4)
      redis-client (>= 0.22.2)
    simple_calendar (3.0.4)
      rails (>= 6.1)
    sitemap_generator (6.3.0)
      builder (~> 3.0)
    snaky_hash (2.0.1)
      hashie
      version_gem (~> 1.1, >= 1.1.1)
    sprockets (4.2.1)
      concurrent-ruby (~> 1.0)
      rack (>= 2.2.4, < 4)
    sprockets-rails (3.5.2)
      actionpack (>= 6.1)
      activesupport (>= 6.1)
      sprockets (>= 3.0.0)
    sqlite3 (1.7.3-aarch64-linux)
    sqlite3 (1.7.3-arm-linux)
    sqlite3 (1.7.3-arm64-darwin)
    sqlite3 (1.7.3-x86-linux)
    sqlite3 (1.7.3-x86_64-darwin)
    sqlite3 (1.7.3-x86_64-linux)
    stimulus-rails (1.3.4)
      railties (>= 6.0.0)
    streamio-ffmpeg (3.0.2)
      multi_json (~> 1.8)
    stringio (3.1.1)
    tempfile (0.2.1)
    thor (1.3.2)
    tilt (2.4.0)
    time (0.4.0)
      date
    timeout (0.4.1)
    traces (0.13.1)
    turbo-rails (2.0.6)
      actionpack (>= 6.0.0)
      activejob (>= 6.0.0)
      railties (>= 6.0.0)
    tzinfo (2.0.6)
      concurrent-ruby (~> 1.0)
    uri (0.13.1)
    valid_email2 (5.3.0)
      activemodel (>= 3.2)
      mail (~> 2.5)
    version_gem (1.1.4)
    warden (1.2.9)
      rack (>= 2.0.9)
    web-console (4.2.1)
      actionview (>= 6.0.0)
      activemodel (>= 6.0.0)
      bindex (>= 0.4.0)
      railties (>= 6.0.0)
    webrick (1.8.1)
    websocket (1.2.11)
    websocket-driver (0.7.6)
      websocket-extensions (>= 0.1.0)
    websocket-extensions (0.1.5)
    xpath (3.2.0)
      nokogiri (~> 1.8)
    zeitwerk (2.6.18)

PLATFORMS
  aarch64-linux
  aarch64-linux-gnu
  aarch64-linux-musl
  arm-linux
  arm-linux-gnu
  arm-linux-musl
  arm64-darwin
  x86-linux
  x86-linux-gnu
  x86-linux-musl
  x86_64-darwin
  x86_64-linux-gnu
  x86_64-linux-musl

DEPENDENCIES
  assemblyai
  autoprefixer-rails
  aws-sdk-polly
  aws-sdk-s3
  bootsnap (>= 1.4.4)
  bootstrap (~> 5.2)
  capybara
  debug
  devise
  dotenv
  dotenv-rails
  down
  error_highlight (>= 0.4.0)
  fileutils
  font-awesome-sass (~> 6.1)
  htmlbeautifier
  httparty
  importmap-rails
  jbuilder
  json
  meta-tags
  net-http
  omniauth-google-oauth2
  omniauth-rails_csrf_protection
  open-uri
  open3
  pg (~> 1.1)
  puma (>= 5.0)
  rails (~> 7.1.3, >= 7.1.3.4)
  redis (>= 4.0.1)
  rest-client
  rmagick
  sassc-rails
  selenium-webdriver
  sidekiq
  simple_calendar
  simple_form!
  sitemap_generator
  sprockets-rails
  sqlite3 (~> 1.4)
  stimulus-rails
  streamio-ffmpeg
  tempfile
  turbo-rails
  tzinfo-data
  uri
  valid_email2
  web-console

RUBY VERSION
   ruby 3.1.2p20

BUNDLED WITH
   2.5.17
